PATH
  remote: .
  specs:
    schmooze (0.2.0)

GEM
  remote: https://rubygems.org/
  specs:
    minitest (5.22.3)
    rake (13.2.1)

PLATFORMS
  ruby

DEPENDENCIES
  minitest (~> 5.0)
  rake
  schmooze!

BUNDLED WITH
   2.4.22
